GEM
  remote: https://rubygems.org/
  specs:
    chunky_png (1.3.12)
    rqrcode (1.1.2)
      chunky_png (~> 1.0)
      rqrcode_core (~> 0.1)
    rqrcode_core (0.1.2)
    thor (1.0.1)

PLATFORMS
  ruby

DEPENDENCIES
  rqrcode (~> 1.1.2)
  thor (~> 1.0, >= 1.0.1)

BUNDLED WITH
   2.1.4
